GIT
  remote: git://github.com/jnicklas/carrierwave-sequel.git
  revision: 45cdcbb6cdabb942de4ed2d6ea19b1ae18a489e8
  specs:
    carrierwave-sequel (0.1.0)
      carrierwave
      sequel

GIT
  remote: https://github.com/bmabey/database_cleaner.git
  revision: e1c3b908d5224b73f5bf229e46f498a90a8f17cb
  specs:
    database_cleaner (0.8.0)

GIT
  remote: https://github.com/ggtracker/bnet_scraper.git
  revision: 624e28dddbdbafba9fc5a48693ef1aa86ae8ca9f
  ref: battlenetify
  specs:
    bnet_scraper (0.3.1)
      faraday
      nokogiri

GIT
  remote: https://github.com/ggtracker/grape.git
  revision: 4d94477a94310688790d6c250010dfb531a734cc
  ref: 4d94477a94310688790d6c250010dfb531a734cc
  specs:
    grape (0.2.1)
      hashie
      multi_json
      multi_xml
      rack
      rack-mount
      virtus

GIT
  remote: https://github.com/ggtracker/resque-round-robin.git
  revision: 3d5f6026dcb49e605990c2d0c3483fbd0c24c0e8
  specs:
    resque-round-robin (0.1.4)
      resque (~> 1.19)
      resque-dynamic-queues

GIT
  remote: https://github.com/ggtracker/resque.git
  revision: 60f2d6c223b511ce8a52125a8103a375e86f429c
  ref: 60f2d6c223b511ce8a52125a8103a375e86f429c
  specs:
    resque (1.23.0)
      multi_json (~> 1.0)
      redis-namespace (~> 1.0)
      sinatra (>= 0.9.2)
      vegas (~> 0.1.2)

GIT
  remote: https://github.com/intridea/hashie.git
  revision: 8dd0fec950c33373c5c954d7ac72df4724334b12
  specs:
    hashie (2.0.0.beta)

GIT
  remote: https://github.com/jeremyevans/sequel.git
  revision: 56bd06d091f5236bce46f1aeebaa35c4c6ae50cb
  specs:
    sequel (3.40.0)

GEM
  remote: https://rubygems.org/
  specs:
    activesupport (3.2.16)
      i18n (~> 0.6, >= 0.6.4)
      multi_json (~> 1.0)
    addressable (2.3.2)
    aws (2.5.7)
      http_connection
      uuidtools
      xml-simple
    backports (2.6.4)
    bond (0.4.2)
    builder (3.1.3)
    carrierwave (0.5.8)
      activesupport (~> 3.0)
    citrus (2.4.1)
    clbustos-rtf (0.4.2)
    crack (0.3.2)
    curb (0.8.5)
    diff-lcs (1.1.3)
    dirty-memoize (0.0.4)
    distribution (0.7.0)
    eventmachine (1.0.0)
    excon (0.13.4)
    extendmatrix (0.3.1)
    ey_config (0.0.6)
    factory_girl (4.1.0)
      activesupport (>= 3.0.0)
    faker (1.1.2)
      i18n (~> 0.5)
    faraday (0.9.2)
      multipart-post (>= 1.2, < 3)
    fastercsv (1.5.5)
    fog (1.3.1)
      builder
      excon (~> 0.13.0)
      formatador (~> 0.2.0)
      mime-types
      multi_json (~> 1.0)
      net-scp (~> 1.0.4)
      net-ssh (>= 2.1.3)
      nokogiri (~> 1.5.0)
      ruby-hmac
    foreman (0.60.2)
      thor (>= 0.13.6)
    formatador (0.2.1)
    garner (0.1.3)
      activesupport
      json
      multi_json (>= 1.3.0)
      rack
    hirb (0.7.0)
    http_connection (1.4.1)
    i18n (0.6.9)
    jbuilder (0.8.0)
      activesupport (>= 3.0.0)
    json (1.7.7)
    kgio (2.8.0)
    memcached (1.4.6)
    mime-types (1.19)
    mini_magick (3.6.0)
      subexec (~> 0.2.1)
    minimization (0.2.1)
      text-table (~> 1.2)
    multi_json (1.8.2)
    multi_xml (0.5.2)
    multipart-post (2.0.0)
    mysql2 (0.3.11)
    net-scp (1.0.4)
      net-ssh (>= 1.99.1)
    net-ssh (2.3.0)
    newrelic_rpm (3.9.1.236)
    nokogiri (1.5.11)
    polyglot (0.3.3)
    prawn (0.8.4)
      prawn-core (>= 0.8.4, < 0.9)
      prawn-layout (>= 0.8.4, < 0.9)
      prawn-security (>= 0.8.4, < 0.9)
    prawn-core (0.8.4)
    prawn-layout (0.8.4)
    prawn-security (0.8.4)
    prawn-svg (0.9.1.11)
      prawn (>= 0.8.4)
    rack (1.5.2)
    rack-cors (0.2.7)
      rack
    rack-jsonp (1.3.1)
      rack
    rack-mount (0.8.3)
      rack (>= 1.0.0)
    rack-protection (1.5.0)
      rack
    rack-test (0.6.2)
      rack (>= 1.0)
    raindrops (0.11.0)
    rake (0.9.2.2)
    randexp (0.1.7)
    redis (3.2.2)
    redis-namespace (1.5.2)
      redis (~> 3.0, >= 3.0.4)
    reportbuilder (1.4.2)
      clbustos-rtf (~> 0.4.0)
      prawn (~> 0.8.4)
      prawn-svg (~> 0.9.1)
      text-table (~> 1.2)
    resque-dynamic-queues (0.8.1)
      resque (~> 1.10)
    resque-job-stats (0.3.0)
      resque (~> 1.17)
    resque-status (0.4.0)
      resque (~> 1.19)
    ripl (0.7.0)
      bond (~> 0.4.2)
    ripl-color_error (0.1.1)
      ripl (>= 0.2.0)
    ripl-color_result (0.4.1)
      ripl (>= 0.4.1)
      wirb (>= 0.4.0)
    ripl-color_streams (0.1.2)
      ripl (>= 0.2.8)
    ripl-multi_line (0.3.0)
      ripl (>= 0.3.6)
    ripl-rack (0.2.0)
      rack (>= 1.0)
      rack-test (>= 0.5)
      ripl (>= 0.3.5)
    rserve-client (0.2.5)
    rspec (2.11.0)
      rspec-core (~> 2.11.0)
      rspec-expectations (~> 2.11.0)
      rspec-mocks (~> 2.11.0)
    rspec-core (2.11.1)
    rspec-expectations (2.11.3)
      diff-lcs (~> 1.1.3)
    rspec-mocks (2.11.3)
    ruby-hmac (0.4.0)
    ruby-ole (1.2.11.6)
    rubyvis (0.5.2)
    sequel-factory (1.0.0)
      sequel (>= 3.32)
    simplecov (0.6.4)
      multi_json (~> 1.0)
      simplecov-html (~> 0.5.3)
    simplecov-html (0.5.3)
    sinatra (1.3.6)
      rack (~> 1.4)
      rack-protection (~> 1.3)
      tilt (~> 1.3, >= 1.3.3)
    sinatra-contrib (1.3.1)
      backports (>= 2.0)
      eventmachine
      rack-protection
      rack-test
      sinatra (~> 1.3.0)
      tilt (~> 1.3)
    spreadsheet (0.6.9)
      ruby-ole (>= 1.0)
    state_machine (1.1.2)
    statsample (1.2.0)
      dirty-memoize (~> 0.0)
      distribution (~> 0.6)
      extendmatrix (~> 0.3.1)
      fastercsv (> 0)
      minimization (~> 0.2.0)
      reportbuilder (~> 1.4)
      rserve-client (~> 0.2.5)
      rubyvis (~> 0.5)
      spreadsheet (~> 0.6.5)
      statsample-bivariate-extension (> 0)
    statsample-bivariate-extension (1.1.0)
      distribution (~> 0.6)
    subexec (0.2.3)
    text-table (1.2.3)
    thor (0.16.0)
    tilt (1.4.0)
    treetop (1.4.10)
      polyglot
      polyglot (>= 0.3.1)
    tux (0.3.0)
      ripl (>= 0.3.5)
      ripl-multi_line (>= 0.2.4)
      ripl-rack (>= 0.2.0)
      sinatra (>= 1.2.1)
    unicorn (4.6.2)
      kgio (~> 2.6)
      rack
      raindrops (~> 0.7)
    uuidtools (2.1.3)
    vegas (0.1.11)
      rack (>= 1.0.0)
    virtus (0.5.2)
      backports (~> 2.6.1)
    webmock (1.8.11)
      addressable (>= 2.2.7)
      crack (>= 0.1.7)
    wirb (0.4.2)
    xml-simple (1.1.1)
    yajl-ruby (1.1.0)

PLATFORMS
  ruby

DEPENDENCIES
  activesupport (~> 3.2.8)
  aws
  bnet_scraper!
  carrierwave
  carrierwave-sequel!
  citrus
  curb (= 0.8.5)
  database_cleaner!
  ey_config
  factory_girl (~> 4.0)
  faker
  fog (~> 1.3.1)
  foreman
  garner
  grape!
  hashie!
  hirb
  i18n (>= 0.6.6)
  jbuilder
  memcached
  mini_magick
  multi_json
  mysql2
  newrelic_rpm
  rack-cors
  rack-jsonp
  rake
  randexp
  resque!
  resque-dynamic-queues
  resque-job-stats
  resque-round-robin!
  resque-status
  ripl-color_error
  ripl-color_result
  ripl-color_streams
  rspec
  sequel!
  sequel-factory
  simplecov
  sinatra
  sinatra-contrib
  state_machine
  statsample
  treetop
  tux
  unicorn
  webmock
  yajl-ruby

BUNDLED WITH
   1.11.2
